GEM
  remote: https://rubygems.org/
  specs:
    activesupport (5.1.6)
      concurrent-ruby (~> 1.0, >= 1.0.2)
      i18n (>= 0.7, < 2)
      minitest (~> 5.1)
      tzinfo (~> 1.1)
    awesome_print (1.8.0)
    concurrent-ruby (1.0.5)
    i18n (1.0.0)
      concurrent-ruby (~> 1.0)
    jbuilder (2.7.0)
      activesupport (>= 4.2.0)
      multi_json (>= 1.2)
    kiba (2.5.0)
    kiba-common (0.9.0)
      kiba (>= 1.0.0, < 3)
    minitest (5.11.3)
    multi_json (1.13.1)
    mysql2 (0.5.0)
    oj (3.7.12)
    sequel (5.7.1)
    thread_safe (0.3.6)
    tzinfo (1.2.5)
      thread_safe (~> 0.1)

PLATFORMS
  ruby

DEPENDENCIES
  awesome_print
  jbuilder
  kiba
  kiba-common
  mysql2
  oj
  sequel

BUNDLED WITH
   1.17.3
