PATH
  remote: .
  specs:
    bg-stats-app (0.1.0)
      http
      kiba
      kiba-common
      nokogiri
      oj
      pastel
      pg
      sequel
      sqlite3
      tty-option

GEM
  remote: https://rubygems.org/
  specs:
    addressable (2.8.1)
      public_suffix (>= 2.0.2, < 6.0)
    ast (2.4.1)
    awesome_print (1.8.0)
    coderay (1.1.3)
    diff-lcs (1.5.0)
    domain_name (0.5.20190701)
      unf (>= 0.0.5, < 1.0.0)
    ffi (1.14.2)
    ffi-compiler (1.0.1)
      ffi (>= 1.0.0)
      rake
    http (4.4.1)
      addressable (~> 2.3)
      http-cookie (~> 1.0)
      http-form_data (~> 2.2)
      http-parser (~> 1.2.0)
    http-cookie (1.0.3)
      domain_name (~> 0.5)
    http-form_data (2.3.0)
    http-parser (1.2.3)
      ffi-compiler (>= 1.0, < 2.0)
    jaro_winkler (1.5.4)
    kiba (3.5.0)
    kiba-common (1.1.0)
      kiba (>= 1.0.0, < 4)
    method_source (1.0.0)
    mini_portile (0.6.2)
    mini_portile2 (2.8.0)
    nokogiri (1.6.6.4)
      mini_portile (~> 0.6.0)
    oj (3.10.8)
    parallel (1.19.2)
    parser (2.7.2.0)
      ast (~> 2.4.1)
    pastel (0.8.0)
      tty-color (~> 0.5)
    pg (1.2.3)
    pry (0.13.1)
      coderay (~> 1.1)
      method_source (~> 1.0)
    public_suffix (4.0.7)
    rainbow (3.1.1)
    rake (13.0.6)
    rexml (3.2.4)
    rspec (3.10.0)
      rspec-core (~> 3.10.0)
      rspec-expectations (~> 3.10.0)
      rspec-mocks (~> 3.10.0)
    rspec-core (3.10.2)
      rspec-support (~> 3.10.0)
    rspec-expectations (3.10.2)
      diff-lcs (>= 1.2.0, < 2.0)
      rspec-support (~> 3.10.0)
    rspec-mocks (3.10.0)
      diff-lcs (>= 1.2.0, < 2.0)
      rspec-support (~> 3.10.0)
    rspec-support (3.10.0)
    rubocop (0.81.0)
      jaro_winkler (~> 1.5.1)
      parallel (~> 1.10)
      parser (>= 2.7.0.1)
      rainbow (>= 2.2.2, < 4.0)
      rexml
      ruby-progressbar (~> 1.7)
      unicode-display_width (>= 1.4.0, < 2.0)
    ruby-progressbar (1.10.1)
    sequel (5.61.0)
    sqlite3 (1.5.2)
      mini_portile2 (~> 2.8.0)
    tty-color (0.6.0)
    tty-option (0.2.0)
    unf (0.1.4)
      unf_ext
    unf_ext (0.0.7.7)
    unicode-display_width (1.7.0)

PLATFORMS
  ruby
  x86_64-darwin-17
  x86_64-darwin-18

DEPENDENCIES
  awesome_print
  bg-stats-app!
  pry (~> 0.13.1)
  rake (~> 13.0)
  rspec (~> 3.0)
  rubocop (~> 0.80)

BUNDLED WITH
   2.2.3
