GEM
  remote: https://rubygems.org/
  specs:
    awesome_print (1.8.0)
    kiba (3.5.0)
    kiba-common (1.1.0)
      kiba (>= 1.0.0, < 4)
    oj (3.10.17)
    pastel (0.8.0)
      tty-color (~> 0.5)
    sequel (5.39.0)
    sqlite3 (1.4.2)
    tty-color (0.6.0)
    tty-option (0.1.0)

PLATFORMS
  ruby
  x86_64-darwin-17

DEPENDENCIES
  awesome_print
  kiba
  kiba-common
  oj
  pastel
  sequel
  sqlite3
  tty-option

BUNDLED WITH
   2.2.0
